GEM
  remote: https://rubygems.org/
  specs:
    base64 (0.2.0)
    haml (6.3.0)
      temple (>= 0.8.2)
      thor
      tilt
    mustermann (3.0.3)
      ruby2_keywords (~> 0.0.1)
    nio4r (2.7.4)
    puma (6.5.0)
      nio4r (~> 2.0)
    rack (2.2.10)
    rack-protection (3.2.0)
      base64 (>= 0.1.0)
      rack (~> 2.2, >= 2.2.4)
    ruby2_keywords (0.0.5)
    sinatra (3.2.0)
      mustermann (~> 3.0)
      rack (~> 2.2, >= 2.2.4)
      rack-protection (= 3.2.0)
      tilt (~> 2.0)
    temple (0.10.3)
    thor (1.3.2)
    tilt (2.4.0)

PLATFORMS
  ruby
  x86_64-linux

DEPENDENCIES
  haml (~> 6.2)
  puma (~> 6.4)
  rack (~> 2.2)
  sinatra (~> 3.1)

BUNDLED WITH
   2.5.3
